GEM
  remote: https://rubygems.org/
  specs:
    ansi (1.5.0)
    hashie (3.5.1)
    itamae (1.9.10)
      ansi
      hashie
      schash (~> 0.1.0)
      specinfra (>= 2.64.0, < 3.0.0)
      thor
    net-scp (1.2.1)
      net-ssh (>= 2.6.5)
    net-ssh (4.0.1)
    net-telnet (0.1.1)
    rake (12.0.0)
    schash (0.1.2)
    sfl (2.3)
    specinfra (2.66.9)
      net-scp
      net-ssh (>= 2.7, < 5.0)
      net-telnet
      sfl
    thor (0.19.1)

PLATFORMS
  ruby

DEPENDENCIES
  itamae
  rake
  thor (= 0.19.1)

BUNDLED WITH
   1.13.7
